{
  "Modality": "MR",
  "MagneticFieldStrength": 3,
  "Manufacturer": "Siemens",
  "ManufacturersModelName": "Prisma",
  "BodyPartExamined": "BRAIN",
  "PatientPosition": "HFP",
  "ProcedureStepDescription": "PRIMATES_LANGAGE",
  "SoftwareVersions": "syngo_MR_D13D",
  "MRAcquisitionType": "3D",
  "SeriesDescription": "SPACE_TRA_0.5iso_BW710_TR3000_TE366_104_ETL767_FOV160_105_72",
  "ProtocolName": "SPACE_TRA_0.5iso_BW710_TR3000_TE366_104_ETL767_FOV160_105_72",
  "ScanningSequence": "SE",
  "SequenceVariant": "SK_SP",
  "ScanOptions": "PFP",
  "SequenceName": "_spc_210",
  "ImageType": [
    "ORIGINAL",
    "PRIMARY",
    "M",
    "ND",
    "NORM"
  ],
  "SeriesNumber": 13,
  "AcquisitionTime": "11:01:25.685000",
  "AcquisitionNumber": 1,
  "SliceThickness": 0.5,
  "SAR": 0.230923,
  "EchoTime": 0.366,
  "RepetitionTime": 3,
  "FlipAngle": 120,
  "PartialFourier": 1,
  "BaseResolution": 320,
  "ShimSetting": [
    -4463,
    -4798,
    3392,
    -2413,
    -145,
    -347,
    -2850,
    -155
  ],
  "TxRefAmp": 240.4,
  "PhaseResolution": 1,
  "ReceiveCoilName": "Loop_11",
  "ReceiveCoilActiveElements": "L11;L11;L7",
  "PulseSequenceDetails": "%SiemensSeq%_tse_vfl",
  "ConsistencyInfo": "N4_VD13D_LATEST_20130810",
  "PercentPhaseFOV": 65.625,
  "EchoTrainLength": 185,
  "PhaseEncodingSteps": 185,
  "AcquisitionMatrixPE": 210,
  "ReconMatrixPE": 210,
  "PixelBandwidth": 710,
  "DwellTime": 2.2e-06,
  "ImageOrientationPatientDICOM": [
    1,
    0,
    0,
    0,
    0,
    -1
  ],
  "InPlanePhaseEncodingDirectionDICOM": "COL",
  "ConversionSoftware": "dcm2niix",
  "ConversionSoftwareVersion": "v1.0.20180404 GCC4.4.7"
}
