{
  "Modality": "MR",
  "MagneticFieldStrength": 3,
  "Manufacturer": "Siemens",
  "ManufacturersModelName": "Prisma",
  "BodyPartExamined": "BRAIN",
  "PatientPosition": "HFP",
  "ProcedureStepDescription": "PRIMATES_LANGAGE",
  "SoftwareVersions": "syngo_MR_D13D",
  "MRAcquisitionType": "3D",
  "SeriesDescription": "MPRAGE_TRA_0.5iso_BW250_TR3000_ESP8.5_FOV160_105_72",
  "ProtocolName": "MPRAGE_TRA_0.5iso_BW250_TR3000_ESP8.5_FOV160_105_72",
  "ScanningSequence": "GR_IR",
  "SequenceVariant": "SK_SP_MP",
  "ScanOptions": "IR_WE",
  "SequenceName": "_tfl3d1_16",
  "ImageType": [
    "ORIGINAL",
    "PRIMARY",
    "M",
    "ND",
    "NORM"
  ],
  "SeriesNumber": 11,
  "AcquisitionTime": "10:50:39.092500",
  "AcquisitionNumber": 1,
  "SliceThickness": 0.5,
  "SAR": 0.0542492,
  "EchoTime": 0.00362,
  "RepetitionTime": 3,
  "InversionTime": 1.1,
  "FlipAngle": 8,
  "PartialFourier": 1,
  "BaseResolution": 320,
  "ShimSetting": [
    -4463,
    -4798,
    3392,
    -2413,
    -145,
    -347,
    -2850,
    -155
  ],
  "TxRefAmp": 240.4,
  "PhaseResolution": 1,
  "ReceiveCoilName": "Loop_11",
  "ReceiveCoilActiveElements": "L11;L11;L7",
  "PulseSequenceDetails": "%SiemensSeq%_tfl",
  "ConsistencyInfo": "N4_VD13D_LATEST_20130810",
  "PercentPhaseFOV": 65.625,
  "PhaseEncodingSteps": 210,
  "AcquisitionMatrixPE": 210,
  "ReconMatrixPE": 210,
  "PixelBandwidth": 250,
  "DwellTime": 6.3e-06,
  "ImageOrientationPatientDICOM": [
    1,
    0,
    0,
    0,
    0,
    -1
  ],
  "InPlanePhaseEncodingDirectionDICOM": "COL",
  "ConversionSoftware": "dcm2niix",
  "ConversionSoftwareVersion": "v1.0.20180404 GCC4.4.7"
}
