{
  "Modality": "MR",
  "MagneticFieldStrength": 3,
  "Manufacturer": "Siemens",
  "ManufacturersModelName": "Prisma",
  "BodyPartExamined": "BRAIN",
  "PatientPosition": "HFP",
  "ProcedureStepDescription": "PRIMATES_LANGAGE",
  "SoftwareVersions": "syngo_MR_D13D",
  "MRAcquisitionType": "2D",
  "SeriesDescription": "fMRI_TR1700_TE30_1.7iso_BW2016_FOV136_102_42_PA",
  "ProtocolName": "fMRI_TR1700_TE30_1.7iso_BW2016_FOV136_102_42_PA",
  "ScanningSequence": "EP",
  "SequenceVariant": "SK",
  "ScanOptions": "FS",
  "SequenceName": "_epfid2d1_60",
  "ImageType": [
    "ORIGINAL",
    "PRIMARY",
    "M",
    "ND",
    "NORM",
    "MOSAIC"
  ],
  "SeriesNumber": 19,
  "AcquisitionTime": "11:21:2.777500",
  "AcquisitionNumber": 1,
  "SliceThickness": 1.7,
  "SpacingBetweenSlices": 1.7,
  "SAR": 0.0984223,
  "EchoTime": 0.03,
  "RepetitionTime": 1.7,
  "FlipAngle": 75,
  "PartialFourier": 1,
  "BaseResolution": 80,
  "ShimSetting": [
    -4476,
    -4603,
    3498,
    -2391,
    -270,
    -605,
    -2364,
    -341
  ],
  "TxRefAmp": 245.3,
  "PhaseResolution": 1,
  "ReceiveCoilName": "Loop_11",
  "ReceiveCoilActiveElements": "L11;L11;L7",
  "PulseSequenceDetails": "%SiemensSeq%_ep2d_bold",
  "ConsistencyInfo": "N4_VD13D_LATEST_20130810",
  "PercentPhaseFOV": 75,
  "EchoTrainLength": 60,
  "PhaseEncodingSteps": 60,
  "AcquisitionMatrixPE": 60,
  "ReconMatrixPE": 60,
  "BandwidthPerPixelPhaseEncode": 26.455,
  "EffectiveEchoSpacing": 0.000630001,
  "DerivedVendorReportedEchoSpacing": 0.000630001,
  "TotalReadoutTime": 0.03717,
  "PixelBandwidth": 2015,
  "DwellTime": 3.1e-06,
  "PhaseEncodingDirection": "j",
  "SliceTiming": [
    1.6125,
    1.5475,
    1.48,
    1.4125,
    1.345,
    1.2775,
    1.21,
    1.1425,
    1.075,
    1.01,
    0.9425,
    0.875,
    0.8075,
    0.74,
    0.6725,
    0.605,
    0.5375,
    0.4725,
    0.405,
    0.3375,
    0.27,
    0.2025,
    0.135,
    0.0675,
    0
  ],
  "ImageOrientationPatientDICOM": [
    1,
    0,
    0,
    0,
    0,
    -1
  ],
  "InPlanePhaseEncodingDirectionDICOM": "COL",
  "ConversionSoftware": "dcm2niix",
  "ConversionSoftwareVersion": "v1.0.20180404 GCC4.4.7",
  "TaskName": "rest"
}
